GIT
  remote: git://github.com/guard/guard-compass.git
  revision: bfc95d5b134bb06709d2951681ce453a9b3299e0
  specs:
    guard-compass (0.0.6)
      compass (>= 0.10.5)
      guard (>= 0.2.1)

GIT
  remote: git://github.com/hawx/guard-shell.git
  revision: 3da2cfe6977d03e98cb49caac3a1f2a5dd0800bf
  specs:
    guard-shell (0.5.1)
      guard (>= 1.1.0)

GIT
  remote: git://github.com/vanpattenmedia/vpmframe-gem.git
  revision: f42f87f3a5ff21fbca38b8658c326423f3b38c0f
  branch: master
  specs:
    vpmframe (0.3.0)

GEM
  remote: https://rubygems.org/
  specs:
    capistrano (2.14.2)
      highline
      net-scp (>= 1.0.0)
      net-sftp (>= 2.0.0)
      net-ssh (>= 2.0.14)
      net-ssh-gateway (>= 1.1.0)
    chunky_png (1.2.7)
    classifier (1.3.3)
      fast-stemmer (>= 1.0.0)
    coderay (1.0.9)
    compass (0.12.2)
      chunky_png (~> 1.2)
      fssm (>= 0.2.7)
      sass (~> 3.1)
    compass-rgbapng (0.1.1)
      chunky_png (>= 0.8.0)
      compass (>= 0.10.0)
    cssmin (1.0.3)
    directory_watcher (1.5.1)
    em-websocket (0.5.0)
      eventmachine (>= 0.12.9)
      http_parser.rb (~> 0.5.3)
    eventmachine (1.0.3)
    execjs (1.4.0)
      multi_json (~> 1.0)
    fast-stemmer (1.0.2)
    fspath (2.0.4)
    fssm (0.2.10)
    guard (1.6.2)
      listen (>= 0.6.0)
      lumberjack (>= 1.0.2)
      pry (>= 0.9.10)
      terminal-table (>= 1.4.3)
      thor (>= 0.14.6)
    guard-jammit (1.0.1)
      guard (>= 1.1.0)
      jammit
    guard-livereload (1.0.3)
      em-websocket (>= 0.2.0)
      guard (>= 1.1.0)
      multi_json (~> 1.0)
    highline (1.6.16)
    http_parser.rb (0.5.3)
    image_optim (0.7.3)
      fspath (~> 2.0.3)
      image_size (~> 1.1.2)
      in_threads (~> 1.1.1)
      progress (~> 2.4.0)
    image_size (1.1.2)
    in_threads (1.1.1)
    jammit (0.6.6)
      cssmin (>= 1.0.3)
      jsmin (>= 1.0.1)
    jekyll (0.12.1)
      classifier (~> 1.3)
      directory_watcher (~> 1.1)
      kramdown (~> 0.14)
      liquid (~> 2.3)
      maruku (~> 0.5)
      pygments.rb (~> 0.3.2)
    jsmin (1.0.1)
    kramdown (0.14.2)
    liquid (2.5.0)
    listen (0.7.3)
    lumberjack (1.0.3)
    maruku (0.6.1)
      syntax (>= 1.0.0)
    method_source (0.8.1)
    multi_json (1.7.1)
    net-scp (1.1.0)
      net-ssh (>= 2.6.5)
    net-sftp (2.1.1)
      net-ssh (>= 2.6.5)
    net-ssh (2.6.6)
    net-ssh-gateway (1.2.0)
      net-ssh (>= 2.6.5)
    oily_png (1.1.0)
      chunky_png (~> 1.2.7)
    posix-spawn (0.3.6)
    progress (2.4.0)
    pry (0.9.12)
      coderay (~> 1.0.5)
      method_source (~> 0.8)
      slop (~> 3.4)
    pygments.rb (0.3.7)
      posix-spawn (~> 0.3.6)
      yajl-ruby (~> 1.1.0)
    rb-fsevent (0.9.3)
    sass (3.2.7)
    sass-globbing (1.0.0)
      sass (>= 3.1)
    slop (3.4.4)
    syntax (1.0.0)
    terminal-table (1.4.5)
    thor (0.17.0)
    uglifier (1.3.0)
      execjs (>= 0.3.0)
      multi_json (~> 1.0, >= 1.0.2)
    yajl-ruby (1.1.0)

PLATFORMS
  ruby

DEPENDENCIES
  capistrano
  compass
  compass-rgbapng
  guard
  guard-compass!
  guard-jammit
  guard-livereload (~> 1.0.3)
  guard-shell!
  image_optim
  jammit
  jekyll
  oily_png
  rb-fsevent (~> 0.9.1)
  sass (>= 3.2.0)
  sass-globbing
  uglifier
  vpmframe!
  yajl-ruby
