GIT
  remote: git://github.com/guard/guard-compass.git
  revision: bfc95d5b134bb06709d2951681ce453a9b3299e0
  specs:
    guard-compass (0.0.6)
      compass (>= 0.10.5)
      guard (>= 0.2.1)

GIT
  remote: git://github.com/hawx/guard-shell.git
  revision: 3da2cfe6977d03e98cb49caac3a1f2a5dd0800bf
  specs:
    guard-shell (0.5.1)
      guard (>= 1.1.0)

GIT
  remote: git://github.com/vanpattenmedia/vpmframe-gem.git
  revision: f42f87f3a5ff21fbca38b8658c326423f3b38c0f
  branch: master
  specs:
    vpmframe (0.3.0)

GEM
  remote: http://rubygems.org/
  specs:
    POpen4 (0.1.4)
      Platform (>= 0.4.0)
      open4
    Platform (0.4.0)
    addressable (2.3.3)
    capistrano (2.14.2)
      highline
      net-scp (>= 1.0.0)
      net-sftp (>= 2.0.0)
      net-ssh (>= 2.0.14)
      net-ssh-gateway (>= 1.1.0)
    chunky_png (1.2.7)
    coderay (1.0.9)
    compass (0.12.2)
      chunky_png (~> 1.2)
      fssm (>= 0.2.7)
      sass (~> 3.1)
    compass-rgbapng (0.1.1)
      chunky_png (>= 0.8.0)
      compass (>= 0.10.0)
    compass-validator (3.0.1)
    css_parser (1.3.4)
      addressable
    em-websocket (0.5.0)
      eventmachine (>= 0.12.9)
      http_parser.rb (~> 0.5.3)
    eventmachine (1.0.3)
    execjs (1.4.0)
      multi_json (~> 1.0)
    fspath (2.0.4)
    fssm (0.2.10)
    guard (1.6.2)
      listen (>= 0.6.0)
      lumberjack (>= 1.0.2)
      pry (>= 0.9.10)
      terminal-table (>= 1.4.3)
      thor (>= 0.14.6)
    guard-bundler (1.0.0)
      bundler (~> 1.0)
      guard (~> 1.1)
    guard-jammit (1.0.1)
      guard (>= 1.1.0)
      jammit
    guard-livereload (1.0.3)
      em-websocket (>= 0.2.0)
      guard (>= 1.1.0)
      multi_json (~> 1.0)
    highline (1.6.15)
    http_parser.rb (0.5.3)
    image_optim (0.7.3)
      fspath (~> 2.0.3)
      image_size (~> 1.1.2)
      in_threads (~> 1.1.1)
      progress (~> 2.4.0)
    image_size (1.1.2)
    in_threads (1.1.1)
    jammit (0.6.5)
      yui-compressor (>= 0.9.3)
    liquid-inheritance (0.1.1)
    listen (0.7.3)
    lumberjack (1.0.2)
    method_source (0.8.1)
    multi_json (1.6.1)
    net-scp (1.1.0)
      net-ssh (>= 2.6.5)
    net-sftp (2.1.1)
      net-ssh (>= 2.6.5)
    net-ssh (2.6.6)
    net-ssh-gateway (1.2.0)
      net-ssh (>= 2.6.5)
    oily_png (1.1.0)
      chunky_png (~> 1.2.7)
    open4 (1.3.0)
    progress (2.4.0)
    pry (0.9.12)
      coderay (~> 1.0.5)
      method_source (~> 0.8)
      slop (~> 3.4)
    rb-fsevent (0.9.3)
    sass (3.2.7)
    sass-globbing (1.0.0)
      sass (>= 3.1)
    slop (3.4.4)
    susy (1.0.5)
      compass (>= 0.12.2)
      sass (>= 3.2.0)
    terminal-table (1.4.5)
    thor (0.17.0)
    uglifier (1.3.0)
      execjs (>= 0.3.0)
      multi_json (~> 1.0, >= 1.0.2)
    yajl-ruby (1.1.0)
    yui-compressor (0.9.6)
      POpen4 (>= 0.1.4)

PLATFORMS
  ruby

DEPENDENCIES
  capistrano
  compass
  compass-rgbapng
  compass-validator
  css_parser
  guard
  guard-bundler
  guard-compass!
  guard-jammit
  guard-livereload (~> 1.0.3)
  guard-shell!
  image_optim
  jammit
  liquid-inheritance
  oily_png
  rb-fsevent (~> 0.9.1)
  sass (>= 3.2.0)
  sass-globbing
  susy
  uglifier
  vpmframe!
  yajl-ruby
