GIT
  remote: git://github.com/chrisvanpatten/guard-compass.git
  revision: 533278be3387722c0048321645cb79113bec90bc
  branch: patch-1
  specs:
    guard-compass (0.0.8)
      compass (>= 0.10.5)
      guard (>= 0.2.1)

GEM
  remote: http://rubygems.org/
  specs:
    POpen4 (0.1.4)
      Platform (>= 0.4.0)
      open4
    Platform (0.4.0)
    addressable (2.3.2)
    capistrano (2.13.3)
      highline
      net-scp (>= 1.0.0)
      net-sftp (>= 2.0.0)
      net-ssh (>= 2.0.14)
      net-ssh-gateway (>= 1.1.0)
    chunky_png (1.2.6)
    compass (0.12.2)
      chunky_png (~> 1.2)
      fssm (>= 0.2.7)
      sass (~> 3.1)
    compass-rgbapng (0.1.1)
      chunky_png (>= 0.8.0)
      compass (>= 0.10.0)
    compass-validator (3.0.1)
    css_parser (1.2.6)
      addressable
      rdoc
    em-websocket (0.3.8)
      addressable (>= 2.1.1)
      eventmachine (>= 0.12.9)
    eventmachine (0.12.10)
    execjs (1.4.0)
      multi_json (~> 1.0)
    fspath (2.0.4)
    fssm (0.2.9)
    guard (1.3.2)
      listen (>= 0.4.2)
      thor (>= 0.14.6)
    guard-jammit (1.0.1)
      guard (>= 1.1.0)
      jammit
    guard-livereload (1.0.0)
      em-websocket (>= 0.2.0)
      guard (>= 1.1.0)
      multi_json (~> 1.0)
    guard-shell (0.5.1)
      guard (>= 1.1.0)
    highline (1.6.14)
    image_optim (0.5.1)
      fspath (~> 2.0.3)
      image_size (~> 1.1)
      in_threads (~> 1.1.1)
      progress (~> 2.4.0)
    image_size (1.1.1)
    in_threads (1.1.1)
    jammit (0.6.5)
      yui-compressor (>= 0.9.3)
    json (1.7.5)
    libv8 (3.3.10.4)
    listen (0.5.0)
    multi_json (1.3.6)
    net-scp (1.0.4)
      net-ssh (>= 1.99.1)
    net-sftp (2.0.5)
      net-ssh (>= 2.0.9)
    net-ssh (2.5.2)
    net-ssh-gateway (1.1.0)
      net-ssh (>= 1.99.1)
    oily_png (1.0.2)
      chunky_png (~> 1.2.1)
    open4 (1.3.0)
    progress (2.4.0)
    rb-fsevent (0.9.1)
    rdoc (3.12)
      json (~> 1.4)
    sass (3.2.1)
    sass-globbing (1.0.0.rc.2)
      sass (>= 3.1)
    therubyracer (0.10.2)
      libv8 (~> 3.3.10)
    thor (0.16.0)
    uglifier (1.3.0)
      execjs (>= 0.3.0)
      multi_json (~> 1.0, >= 1.0.2)
    vpmframe (0.1.3)
    yajl-ruby (1.1.0)
    yui-compressor (0.9.6)
      POpen4 (>= 0.1.4)

PLATFORMS
  ruby

DEPENDENCIES
  capistrano
  compass
  compass-rgbapng
  compass-validator
  css_parser
  guard
  guard-compass!
  guard-jammit
  guard-livereload
  guard-shell
  image_optim
  jammit
  oily_png
  rb-fsevent (~> 0.9.1)
  sass (>= 3.2.0)
  sass-globbing
  therubyracer
  uglifier
  vpmframe
  yajl-ruby
